GEM
  remote: https://rubygems.org/
  specs:
    builder (3.2.2)
    dotenv (2.1.1)
    jwt (1.5.4)
    multi_json (1.12.1)
    twilio-ruby (4.11.1)
      builder (>= 2.1.2)
      jwt (~> 1.0)
      multi_json (>= 1.3.0)

PLATFORMS
  ruby

DEPENDENCIES
  dotenv
  twilio-ruby

BUNDLED WITH
   1.12.5
